PATH
  remote: .
  specs:
    qv (0.0.4)
      slop

GEM
  remote: https://rubygems.org/
  specs:
    slop (3.4.7)

PLATFORMS
  ruby

DEPENDENCIES
  qv!
