GEM
  remote: https://rubygems.org/
  specs:
    slop (3.4.7)

PLATFORMS
  ruby

DEPENDENCIES
  slop
